GEM
  remote: https://rubygems.org/
  specs:
    haml (4.0.7)
      tilt
    kgio (2.11.0)
    rack (1.6.5)
    rack-protection (1.5.3)
      rack
    raindrops (0.17.0)
    sinatra (1.4.8)
      rack (~> 1.5)
      rack-protection (~> 1.4)
      tilt (>= 1.3, < 3)
    tilt (2.0.6)
    unicorn (5.2.0)
      kgio (~> 2.6)
      raindrops (~> 0.7)

PLATFORMS
  ruby

DEPENDENCIES
  haml
  sinatra
  unicorn

BUNDLED WITH
   1.11.2
